GEM
  remote: https://rubygems.org/
  specs:
    bigdecimal (3.1.7)
    coderay (1.1.3)
    diff-lcs (1.5.1)
    hashdiff (1.1.0)
    interception (0.5)
    method_source (1.1.0)
    pg (1.5.6)
    pry (0.14.2)
      coderay (~> 1.1)
      method_source (~> 1.0)
    pry-rescue (1.6.0)
      interception (>= 0.5)
      pry (>= 0.12.0)
    rainbow (3.1.1)
    rspec (3.13.0)
      rspec-core (~> 3.13.0)
      rspec-expectations (~> 3.13.0)
      rspec-mocks (~> 3.13.0)
    rspec-core (3.13.0)
      rspec-support (~> 3.13.0)
    rspec-expectations (3.13.0)
      diff-lcs (>= 1.2.0, < 2.0)
      rspec-support (~> 3.13.0)
    rspec-mocks (3.13.0)
      diff-lcs (>= 1.2.0, < 2.0)
      rspec-support (~> 3.13.0)
    rspec-support (3.13.1)
    sequel (5.79.0)
      bigdecimal
    thor (1.3.1)

PLATFORMS
  ruby
  x86_64-linux

DEPENDENCIES
  hashdiff (~> 1.1)
  pg (~> 1.5)
  pry (~> 0.14.2)
  pry-rescue (~> 1.6)
  rainbow (~> 3.1)
  rspec (~> 3.13)
  sequel (= 5.79)
  thor (~> 1.3)

BUNDLED WITH
   2.5.9
